GEM
  remote: https://RubyGems.org/
  specs:
    cpf_cnpj (0.5.0)
    nokogiri (1.13.8-x86_64-linux)
      racc (~> 1.4)
    os (1.1.4)
    racc (1.6.0)

PLATFORMS
  x86_64-linux

DEPENDENCIES
  cpf_cnpj (~> 0.5.0)
  nokogiri
  os

BUNDLED WITH
   2.3.21
